GIT
  remote: https://github.com/madetech/carmen.git
  revision: 344dfa6ab4aec77af9410a259e67c4e195ceed2d
  ref: 344dfa6
  specs:
    carmen (1.0.2)
      activesupport (>= 3.0.0)

GIT
  remote: https://github.com/onrunning/cloud-integration-layer-ruby-client.git
  revision: 70bb312bc92dd627489216ed7e65d20bdcaad096
  specs:
    cloud-integration-layer-ruby-client (1.9.13)
      activesupport (>= 4.2.11.3)
      httparty (>= 0.16.0)

GIT
  remote: https://github.com/onrunning/createsend-rails.git
  revision: d500f7cce9de440d100cf66204468294778d0f25
  tag: v1.1.3
  specs:
    createsend-rails (0.1.0)
      actionmailer (>= 3.0.0)
      createsend (~> 4.1.0)

GIT
  remote: https://github.com/onrunning/deface.git
  revision: 286f3759eb81d61819352e0725e48002ceb1972a
  branch: v10-with-relaxed-nokogiri
  specs:
    deface (1.0.0)
      colorize (>= 0.5.8)
      nokogiri (>= 1.6.0)
      polyglot
      rails (>= 3.1)

GIT
  remote: https://github.com/onrunning/graphql-preload.git
  revision: dd03d9147357c0c1426b3c3b7addca7ed0687e6f
  specs:
    graphql-preload (2.1.0)
      activerecord (>= 4.1, < 6)
      graphql (>= 1.9, < 2)
      graphql-batch (~> 0.4)
      promise.rb (~> 0.7)

GIT
  remote: https://github.com/onrunning/graphql-result_cache.git
  revision: d98fe73a13f97f0139011caa90ca5136057cd00b
  specs:
    graphql-result_cache (0.1.7)
      graphql (~> 1.9)

GIT
  remote: https://github.com/onrunning/json.git
  revision: ef9fb930021025f9e787cfb5e8938dfeed4e209f
  branch: v1.8.6-with-ruby3-compat
  specs:
    json (1.8.6)

GIT
  remote: https://github.com/onrunning/ruby-mime-types.git
  revision: f1717fa88e12b9d7a2b03a1f6ec05c2cf1e9e45e
  branch: v2.99.3-with-ruby3-compat
  specs:
    mime-types (2.99.3)

GIT
  remote: https://github.com/onrunning/sekrets.git
  revision: 451963eb6be126131d0ebd91e261b7720ddd221d
  ref: 451963e
  specs:
    sekrets (1.14.0)
      coerce (~> 0.0.8)
      fattr (~> 2.4)
      highline (~> 1.6)
      main (~> 6.3)
      map (~> 6.6)
      openssl (~> 3.2)

GIT
  remote: https://github.com/solidusio-contrib/solidus_globalize.git
  revision: 994a8e690140a42d60d3db5fb5a63e7bf248111e
  ref: 994a8e69
  branch: master
  specs:
    solidus_globalize (3.1.0.beta)
      friendly_id-globalize
      globalize (~> 5.0)
      solidus_i18n (~> 1.0)

GEM
  remote: https://enterprise.contribsys.com/
  specs:
    sidekiq-ent (1.8.1)
      einhorn (= 0.7.4)
      sidekiq (>= 5.2.3)
      sidekiq-pro (>= 4.0.4)
    sidekiq-pro (5.0.0)
      concurrent-ruby (>= 1.0.5)
      sidekiq (>= 5.2.7)

GEM
  remote: https://gems.railslts.com/
  specs:
    actionmailer (4.2.11.38)
      actionpack (= 4.2.11.38)
      actionview (= 4.2.11.38)
      activejob (= 4.2.11.38)
      mail (~> 2.5, >= 2.5.4)
      rails-dom-testing (~> 1.0, >= 1.0.5)
    actionpack (4.2.11.38)
      actionview (= 4.2.11.38)
      activesupport (= 4.2.11.38)
      rack (~> 1.6)
      rack-test (~> 0.6.2)
      rails-dom-testing (~> 1.0, >= 1.0.5)
      rails-html-sanitizer (~> 1.0, >= 1.0.2)
    actionview (4.2.11.38)
      activesupport (= 4.2.11.38)
      builder (~> 3.1)
      erubis (~> 2.7.0)
      rails-dom-testing (~> 1.0, >= 1.0.5)
      rails-html-sanitizer (~> 1.0, >= 1.0.3)
    activejob (4.2.11.38)
      activesupport (= 4.2.11.38)
      globalid (>= 0.3.0)
    activemodel (4.2.11.38)
      activesupport (= 4.2.11.38)
      builder (~> 3.1)
    activerecord (4.2.11.38)
      activemodel (= 4.2.11.38)
      activesupport (= 4.2.11.38)
      arel (~> 6.0)
    activesupport (4.2.11.38)
      i18n (>= 0.7, < 2)
      minitest (~> 5.1)
      thread_safe (~> 0.3, >= 0.3.4)
      tzinfo (~> 1.2, >= 1.2.10)
    rack (1.6.13.17)
    rails (4.2.11.38)
      actionmailer (= 4.2.11.38)
      actionpack (= 4.2.11.38)
      actionview (= 4.2.11.38)
      activejob (= 4.2.11.38)
      activemodel (= 4.2.11.38)
      activerecord (= 4.2.11.38)
      activesupport (= 4.2.11.38)
      bundler (>= 1.3.0)
      railslts-version (= 4.2.11.38)
      railties (= 4.2.11.38)
      sprockets-rails
    railslts-version (4.2.11.38)
    railties (4.2.11.38)
      actionpack (= 4.2.11.38)
      activesupport (= 4.2.11.38)
      rake (>= 0.8.7)
      thor (>= 0.18.1, < 2.0)

GEM
  remote: https://rubygems.org/
  specs:
    active_record_query_trace (1.8)
    activemerchant (1.48.0)
      activesupport (>= 3.2.14, < 5.0.0)
      builder (>= 2.1.2, < 4.0.0)
      i18n (>= 0.6.9)
      nokogiri (~> 1.4)
    activerecord-import (2.0.0)
      activerecord (>= 4.2)
    activerecord-nulldb-adapter (0.4.0)
      activerecord (>= 2.0.0)
    acts_as_list (0.9.19)
      activerecord (>= 3.0)
    addressable (2.8.7)
      public_suffix (>= 2.0.2, < 7.0)
    adyen-ruby-api-library (9.0.0)
      faraday
    algoliasearch (1.27.5)
      httpclient (~> 2.8, >= 2.8.3)
      json (>= 1.5.1)
    algoliasearch-rails (1.26.0)
      algoliasearch (>= 1.26.0, < 2.0.0)
      json (>= 1.5.1)
    analytics-ruby (2.4.0)
    apollo-federation (3.8.1)
      google-protobuf (~> 3.22)
      graphql (>= 1.10.14)
    arel (6.0.4)
    arrayfields (4.9.2)
    asset_sync (2.19.1)
      activemodel (>= 4.1.0)
      fog-core
      mime-types (>= 2.99)
      unf
    ast (2.4.2)
    attr_extras (7.1.0)
    avatax (22.10.0)
      faraday (>= 0.10)
      faraday_middleware (>= 0.10)
      multi_json (>= 1.0.3)
    awesome_nested_set (3.0.3)
      activerecord (>= 4.0.0, < 5)
    aws-eventstream (1.3.0)
    aws-sdk (2.11.632)
      aws-sdk-resources (= 2.11.632)
    aws-sdk-core (2.11.632)
      aws-sigv4 (~> 1.0)
      jmespath (~> 1.0)
    aws-sdk-resources (2.11.632)
      aws-sdk-core (= 2.11.632)
    aws-sdk-v1 (1.67.0)
      json (~> 1.4)
      nokogiri (~> 1)
    aws-sigv4 (1.8.0)
      aws-eventstream (~> 1, >= 1.0.2)
    base64 (0.2.0)
    bcrypt (3.1.13)
    bigdecimal (3.1.8)
    bootsnap (1.18.4)
      msgpack (~> 1.2)
    bourbon (6.0.0)
      thor (~> 0.19)
    brakeman (7.0.0)
      racc
    builder (3.3.0)
    bullet (8.0.0)
      activesupport (>= 3.0.0)
      uniform_notifier (~> 1.11)
    byebug (11.1.3)
    camertron-eprun (1.1.1)
    cancancan (1.17.0)
    canonical-rails (0.0.11)
      rails (>= 3.1, < 5.0)
    capybara (3.40.0)
      addressable
      matrix
      mini_mime (>= 0.1.3)
      nokogiri (~> 1.11)
      rack (>= 1.6.0)
      rack-test (>= 0.6.3)
      regexp_parser (>= 1.5, < 3.0)
      xpath (~> 3.2)
    chronic (0.10.2)
    cldr-plurals-runtime-rb (1.0.1)
    climate_control (0.2.0)
    cocaine (0.5.8)
      climate_control (>= 0.0.3, < 1.0)
    coderay (1.1.3)
    coerce (0.0.8)
      chronic (>= 0.6.2)
    coffee-rails (4.2.2)
      coffee-script (>= 2.2.0)
      railties (>= 4.0.0)
    coffee-script (2.4.1)
      coffee-script-source
      execjs
    coffee-script-source (1.12.2)
    colorize (0.8.1)
    concurrent-ruby (1.3.4)
    connection_pool (2.2.5)
    contentful (1.2.2)
      http (> 0.8, < 3.0)
      multi_json (~> 1)
    coverband (6.1.4)
      redis (>= 3.0)
    cpf_cnpj (0.5.0)
    crack (1.0.0)
      bigdecimal
      rexml
    crass (1.0.6)
    crawler_detect (1.2.1)
      qonfig (~> 0.24)
    createsend (4.1.2)
      hashie (~> 3.0)
      httparty (~> 0.14)
      json (>= 1.0)
    css_parser (1.7.1)
      addressable
    csv (3.3.0)
    database_cleaner (1.99.0)
    databasedotcom (1.3.5)
      activesupport
      json
      multipart-post (~> 2.0.0)
    date (3.3.4)
    db-query-matchers (0.14.0)
      activesupport (>= 4.0, < 8.1)
      rspec (>= 3.0)
    declarative (0.0.20)
    delayed_cron_job (0.9.0)
      fugit (>= 1.5)
    delayed_job (4.1.9)
      activesupport (>= 3.0, < 6.2)
    delayed_job_active_record (4.1.6)
      activerecord (>= 3.0, < 6.2)
      delayed_job (>= 3.0, < 5)
    devise (4.7.1)
      bcrypt (~> 3.0)
      orm_adapter (~> 0.1)
      railties (>= 4.1.0)
      responders
      warden (~> 1.2.3)
    devise-encryptable (0.2.0)
      devise (>= 2.1.0)
    diff-lcs (1.5.1)
    docile (1.4.0)
    domain_name (0.5.20190701)
      unf (>= 0.0.5, < 1.0.0)
    dotenv (2.8.1)
    dotenv-rails (2.8.1)
      dotenv (= 2.8.1)
      railties (>= 3.2)
    dry-core (1.0.0)
      concurrent-ruby (~> 1.0)
      zeitwerk (~> 2.6)
    dry-inflector (1.0.0)
    dry-logic (1.5.0)
      concurrent-ruby (~> 1.0)
      dry-core (~> 1.0, < 2)
      zeitwerk (~> 2.6)
    dry-struct (1.6.0)
      dry-core (~> 1.0, < 2)
      dry-types (>= 1.7, < 2)
      ice_nine (~> 0.11)
      zeitwerk (~> 2.6)
    dry-types (1.7.1)
      concurrent-ruby (~> 1.0)
      dry-core (~> 1.0)
      dry-inflector (~> 1.0)
      dry-logic (~> 1.4)
      zeitwerk (~> 2.6)
    einhorn (0.7.4)
    erubi (1.9.0)
    erubis (2.7.0)
    et-orbi (1.2.11)
      tzinfo
    excon (1.2.2)
    execjs (2.7.0)
    exifr (1.4.0)
    factory_girl (4.9.0)
      activesupport (>= 3.0.0)
    faraday (1.10.3)
      faraday-em_http (~> 1.0)
      faraday-em_synchrony (~> 1.0)
      faraday-excon (~> 1.1)
      faraday-httpclient (~> 1.0)
      faraday-multipart (~> 1.0)
      faraday-net_http (~> 1.0)
      faraday-net_http_persistent (~> 1.0)
      faraday-patron (~> 1.0)
      faraday-rack (~> 1.0)
      faraday-retry (~> 1.0)
      ruby2_keywords (>= 0.0.4)
    faraday-em_http (1.0.0)
    faraday-em_synchrony (1.0.0)
    faraday-excon (1.1.0)
    faraday-httpclient (1.0.1)
    faraday-multipart (1.0.4)
      multipart-post (~> 2)
    faraday-net_http (1.0.1)
    faraday-net_http_persistent (1.2.0)
    faraday-patron (1.0.0)
    faraday-rack (1.0.0)
    faraday-retry (1.0.3)
    faraday_middleware (1.2.0)
      faraday (~> 1.0)
    fattr (2.4.0)
    ffaker (1.32.1)
    ffi (1.15.5)
    flamegraph (0.9.5)
    flipper (0.17.2)
    flipper-active_record (0.17.2)
      activerecord (>= 4.2, < 7)
      flipper (~> 0.17.2)
    flipper-active_support_cache_store (0.17.2)
      activesupport (>= 4.2, < 7)
      flipper (~> 0.17.2)
    flipper-ui (0.17.2)
      erubi (>= 1.0.0, < 2.0.0)
      flipper (~> 0.17.2)
      rack (>= 1.4, < 3)
      rack-protection (>= 1.5.3, < 2.1.0)
    fog-aws (3.30.0)
      base64 (~> 0.2.0)
      fog-core (~> 2.6)
      fog-json (~> 1.1)
      fog-xml (~> 0.1)
    fog-core (2.6.0)
      builder
      excon (~> 1.0)
      formatador (>= 0.2, < 2.0)
      mime-types
    fog-json (1.2.0)
      fog-core
      multi_json (~> 1.10)
    fog-xml (0.1.4)
      fog-core
      nokogiri (>= 1.5.11, < 2.0.0)
    font-awesome-rails (4.7.0.5)
      railties (>= 3.2, < 6.1)
    formatador (1.1.0)
    friendly_id (5.0.5)
      activerecord (>= 4.0.0)
    friendly_id-globalize (1.0.0.alpha1)
      friendly_id (>= 5.0.0.beta4, < 6.0)
    fspath (3.1.2)
    fugit (1.11.1)
      et-orbi (~> 1, >= 1.2.11)
      raabro (~> 1.4)
    globalid (0.4.2)
      activesupport (>= 4.2.0)
    globalize (5.3.1)
      activemodel (>= 4.2, < 6.1)
      activerecord (>= 4.2, < 6.1)
      request_store (~> 1.0)
    google-apis-core (0.11.2)
      addressable (~> 2.5, >= 2.5.1)
      googleauth (>= 0.16.2, < 2.a)
      httpclient (>= 2.8.1, < 3.a)
      mini_mime (~> 1.0)
      representable (~> 3.0)
      retriable (>= 2.0, < 4.a)
      rexml
      webrick
    google-apis-drive_v3 (0.46.0)
      google-apis-core (>= 0.11.0, < 2.a)
    google-cloud-env (2.1.0)
      faraday (>= 1.0, < 3.a)
    google-protobuf (3.25.5)
    googleauth (1.9.1)
      faraday (>= 1.0, < 3.a)
      google-cloud-env (~> 2.1)
      jwt (>= 1.4, < 3.0)
      multi_json (~> 1.11)
      os (>= 0.9, < 2.0)
      signet (>= 0.16, < 2.a)
    graphiql-rails (1.10.0)
      railties
    graphql (1.13.23)
      base64
    graphql-batch (0.6.0)
      graphql (>= 1.12.18, < 3)
      promise.rb (~> 0.7.2)
    graphql-schema_comparator (1.2.0)
      bundler (>= 1.14)
      graphql (>= 1.10, < 3.0)
      thor (>= 0.19, < 2.0)
    guard (2.15.0)
      formatador (>= 0.2.4)
      listen (>= 2.7, < 4.0)
      lumberjack (>= 1.0.12, < 2.0)
      nenv (~> 0.1)
      notiffany (~> 0.0)
      pry (>= 0.9.12)
      shellany (~> 0.0)
      thor (>= 0.18.1)
    guard-compat (1.2.1)
    guard-rspec (4.7.3)
      guard (~> 2.1)
      guard-compat (~> 1.1)
      rspec (>= 2.99.0, < 4.0)
    handlebars_assets (0.23.8)
      execjs (~> 2.0)
      sprockets (>= 2.0.0)
      tilt (>= 1.2)
    has_secure_token (1.0.0)
      activerecord (>= 3.0)
    hash_diff (1.1.1)
    hashdiff (1.1.2)
    hashie (3.6.0)
    highline (1.6.21)
    hiredis (0.6.3)
    htmlcompressor (0.4.0)
    htmlentities (4.3.4)
    http (2.2.2)
      addressable (~> 2.3)
      http-cookie (~> 1.0)
      http-form_data (~> 1.0.1)
      http_parser.rb (~> 0.6.0)
    http-cookie (1.0.4)
      domain_name (~> 0.5)
    http-form_data (1.0.3)
    http_parser.rb (0.6.0)
    httparty (0.22.0)
      csv
      mini_mime (>= 1.0.0)
      multi_xml (>= 0.5.2)
    httpclient (2.8.3)
    i18n (0.9.5)
      concurrent-ruby (~> 1.0)
    i18n_data (0.7.0)
    ice_nine (0.11.2)
    image_optim (0.31.4)
      exifr (~> 1.2, >= 1.2.2)
      fspath (~> 3.0)
      image_size (>= 1.5, < 4)
      in_threads (~> 1.3)
      progress (~> 3.0, >= 3.0.1)
    image_optim_pack (0.11.1.20241130)
      fspath (>= 2.1, < 4)
      image_optim (~> 0.19)
    image_size (3.4.0)
    in_threads (1.6.0)
    jbuilder (2.9.1)
      activesupport (>= 4.2.0)
    jmespath (1.6.2)
    jquery-rails (4.4.0)
      rails-dom-testing (>= 1, < 3)
      railties (>= 4.2.0)
      thor (>= 0.14, < 2.0)
    jquery-ui-rails (5.0.5)
      railties (>= 3.2.16)
    jsonrpc-client (0.1.3)
      faraday
      multi_json (>= 1.1.0)
    jwt (2.10.1)
      base64
    kaminari (0.17.0)
      actionpack (>= 3.0.0)
      activesupport (>= 3.0.0)
    kaminari-i18n (0.5.0)
      kaminari
      rails
    knapsack_pro (7.13.1)
      rake
    listen (3.8.0)
      rb-fsevent (~> 0.10, >= 0.10.3)
      rb-inotify (~> 0.9, >= 0.9.10)
    little-plugger (1.1.4)
    logging (2.2.2)
      little-plugger (~> 1.1)
      multi_json (~> 1.10)
    lograge (0.14.0)
      actionpack (>= 4)
      activesupport (>= 4)
      railties (>= 4)
      request_store (~> 1.0)
    loofah (2.23.1)
      crass (~> 1.0.2)
      nokogiri (>= 1.12.0)
    lumberjack (1.0.13)
    mail (2.8.1)
      mini_mime (>= 0.1.1)
      net-imap
      net-pop
      net-smtp
    main (6.3.0)
      arrayfields (~> 4.9, >= 4.9.2)
      chronic (~> 0.10, >= 0.10.2)
      fattr (~> 2.4, >= 2.4.0)
      map (~> 6.6, >= 6.6.0)
    makara (0.5.0)
      activerecord (>= 3.0.0)
    map (6.6.0)
    matrix (0.4.2)
    memory_profiler (1.0.2)
    meta_request (0.7.2)
      rack-contrib (>= 1.1, < 3)
      railties (>= 3.0.0, < 7)
    method_source (1.0.0)
    mini_mime (1.1.5)
    mini_portile2 (2.8.8)
    minitest (5.25.4)
    monetize (1.9.4)
      money (~> 6.12)
    money (6.13.7)
      i18n (>= 0.6.4, <= 2)
    msgpack (1.7.5)
    multi_json (1.15.0)
    multi_xml (0.6.0)
    multipart-post (2.0.0)
    mysql2 (0.5.5)
    nenv (0.3.0)
    net-imap (0.4.10)
      date
      net-protocol
    net-pop (0.1.2)
      net-protocol
    net-protocol (0.2.2)
      timeout
    net-sftp (4.0.0)
      net-ssh (>= 5.0.0, < 8.0.0)
    net-smtp (0.4.0.1)
      net-protocol
    net-ssh (7.2.0)
    netrc (0.11.0)
    newrelic_rpm (9.16.1)
    nio4r (2.7.4)
    nokogiri (1.17.2)
      mini_portile2 (~> 2.8.2)
      racc (~> 1.4)
    notiffany (0.1.1)
      nenv (~> 0.1)
      shellany (~> 0.0)
    oj (3.16.4)
      bigdecimal (>= 3.0)
    openssl (3.2.0)
    optimist (3.2.0)
    orm_adapter (0.5.0)
    os (1.1.4)
    paper_trail (10.3.1)
      activerecord (>= 4.2)
      request_store (~> 1.1)
    paperclip (4.2.4)
      activemodel (>= 3.2.0)
      activesupport (>= 3.2.0)
      cocaine (~> 0.5.5)
      mime-types
    paperclip-optimizer (2.0.0)
      image_optim (~> 0.19)
      paperclip (>= 3.4)
    parallel (1.26.3)
    paranoia (2.1.5)
      activerecord (~> 4.0)
    parser (3.3.6.0)
      ast (~> 2.4.1)
      racc
    patience_diff (1.2.0)
      optimist (~> 3.0)
    phraseapp-in-context-editor-ruby (1.4.0)
      i18n (>= 0.6)
      json (>= 1.8, < 3)
      phraseapp-ruby (~> 1.3)
      request_store (~> 1.3)
    phraseapp-ruby (1.6.0)
    polyamorous (1.3.3)
      activerecord (>= 3.0)
    polyglot (0.3.5)
    premailer (1.11.1)
      addressable
      css_parser (>= 1.6.0)
      htmlentities (>= 4.0.0)
    premailer-rails (1.11.1)
      actionmailer (>= 3)
      premailer (~> 1.7, >= 1.7.9)
    progress (3.6.0)
    promise.rb (0.7.4)
    pry (0.14.2)
      coderay (~> 1.1)
      method_source (~> 1.0)
    pry-byebug (3.10.1)
      byebug (~> 11.0)
      pry (>= 0.13, < 0.15)
    pry-rails (0.3.9)
      pry (>= 0.10.4)
    psych (3.3.4)
    public_suffix (6.0.1)
    puma (6.5.0)
      nio4r (~> 2.0)
    puma-newrelic (0.1.6)
      newrelic_rpm
      puma (>= 3.0)
    qonfig (0.28.0)
    quiet_assets (1.1.0)
      railties (>= 3.1, < 5.0)
    raabro (1.4.0)
    rabl (0.11.8)
      activesupport (>= 2.3.14)
    racc (1.8.1)
    rack-attack (6.7.0)
      rack (>= 1.0, < 4)
    rack-contrib (2.5.0)
      rack (< 4)
    rack-mini-profiler (3.3.0)
      rack (>= 1.2.0)
    rack-protection (2.0.8.1)
      rack
    rack-proxy (0.6.5)
      rack
    rack-rewrite (1.5.1)
    rack-test (0.6.3)
      rack (>= 1.0)
    rails-deprecated_sanitizer (1.0.4)
      activesupport (>= 4.2.0.alpha)
    rails-dom-testing (1.0.9)
      activesupport (>= 4.2.0, < 5.0)
      nokogiri (~> 1.6)
      rails-deprecated_sanitizer (>= 1.0.1)
    rails-html-sanitizer (1.6.1)
      loofah (~> 2.21)
      nokogiri (>= 1.15.7, != 1.16.7, != 1.16.6, != 1.16.5, != 1.16.4, != 1.16.3, != 1.16.2, != 1.16.1, != 1.16.0.rc1, != 1.16.0)
    rails-i18n (4.0.9)
      i18n (~> 0.7)
      railties (~> 4.0)
    rainbow (3.1.1)
    rake (13.2.1)
    ransack (1.6.6)
      actionpack (>= 3.0)
      activerecord (>= 3.0)
      activesupport (>= 3.0)
      i18n
      polyamorous (~> 1.2)
    rb-fsevent (0.11.2)
    rb-inotify (0.10.1)
      ffi (~> 1.0)
    rb-readline (0.5.5)
    readthis (2.2.0)
      connection_pool (~> 2.1)
      redis (>= 3.0, < 5.0)
    redis (4.8.1)
    regexp_parser (2.9.3)
    remote_syslog_logger (1.0.4)
      syslog_protocol
    representable (3.2.0)
      declarative (< 0.1.0)
      trailblazer-option (>= 0.1.1, < 0.2.0)
      uber (< 0.2.0)
    request_store (1.7.0)
      rack (>= 1.4)
    responders (2.4.1)
      actionpack (>= 4.2.0, < 6.0)
      railties (>= 4.2.0, < 6.0)
    rest-client (1.8.0)
      http-cookie (>= 1.0.2, < 2.0)
      mime-types (>= 1.16, < 3.0)
      netrc (~> 0.7)
    retriable (3.1.2)
    rexml (3.4.0)
    rich_text_renderer (0.3.0)
    rollbar (3.4.2)
    routing-filter (0.6.3)
      actionpack (>= 4.2)
      activesupport (>= 4.2)
    rspec (3.13.0)
      rspec-core (~> 3.13.0)
      rspec-expectations (~> 3.13.0)
      rspec-mocks (~> 3.13.0)
    rspec-activemodel-mocks (1.2.0)
      activemodel (>= 3.0)
      activesupport (>= 3.0)
      rspec-mocks (>= 2.99, < 4.0)
    rspec-core (3.13.2)
      rspec-support (~> 3.13.0)
    rspec-expectations (3.13.3)
      diff-lcs (>= 1.2.0, < 2.0)
      rspec-support (~> 3.13.0)
    rspec-its (2.0.0)
      rspec-core (>= 3.13.0)
      rspec-expectations (>= 3.13.0)
    rspec-mocks (3.13.2)
      diff-lcs (>= 1.2.0, < 2.0)
      rspec-support (~> 3.13.0)
    rspec-rails (4.1.2)
      actionpack (>= 4.2)
      activesupport (>= 4.2)
      railties (>= 4.2)
      rspec-core (~> 3.10)
      rspec-expectations (~> 3.10)
      rspec-mocks (~> 3.10)
      rspec-support (~> 3.10)
    rspec-retry (0.6.2)
      rspec-core (> 3.3)
    rspec-support (3.13.2)
    rubocop (1.31.0)
      parallel (~> 1.10)
      parser (>= 3.1.0.0)
      rainbow (>= 2.2.2, < 4.0)
      regexp_parser (>= 1.8, < 3.0)
      rexml (>= 3.2.5, < 4.0)
      rubocop-ast (>= 1.18.0, < 2.0)
      ruby-progressbar (~> 1.7)
      unicode-display_width (>= 1.4.0, < 3.0)
    rubocop-ast (1.37.0)
      parser (>= 3.3.1.0)
    rubocop-graphql (1.5.2)
      rubocop (>= 0.90, < 2)
    rubocop-rails (2.15.2)
      activesupport (>= 4.2.0)
      rack (>= 1.1)
      rubocop (>= 1.7.0, < 2.0)
    ruby-prof (1.7.1)
    ruby-progressbar (1.13.0)
    ruby2_keywords (0.0.5)
    ruby3-backward-compatibility (1.4.0)
    rubyzip (2.3.2)
    sailthru-client (4.3.0)
      json
      multipart-post
    sanitize (6.1.3)
      crass (~> 1.0.2)
      nokogiri (>= 1.12.0)
    sass (3.7.4)
      sass-listen (~> 4.0.0)
    sass-listen (4.0.0)
      rb-fsevent (~> 0.9, >= 0.9.4)
      rb-inotify (~> 0.9, >= 0.9.7)
    sass-rails (5.0.7)
      railties (>= 4.0.0, < 6)
      sass (~> 3.1)
      sprockets (>= 2.8, < 4.0)
      sprockets-rails (>= 2.0, < 4.0)
      tilt (>= 1.1, < 3)
    scss_lint (0.60.0)
      sass (~> 3.5, >= 3.5.5)
    securerandom (0.3.1)
    select2-rails (3.5.9.1)
      thor (~> 0.14)
    selenium-webdriver (4.9.0)
      rexml (~> 3.2, >= 3.2.5)
      rubyzip (>= 1.2.2, < 3.0)
      websocket (~> 1.0)
    shellany (0.0.1)
    shopify_api (14.1.0)
      activesupport
      concurrent-ruby
      hash_diff
      httparty
      jwt
      oj
      openssl
      securerandom
      sorbet-runtime
      zeitwerk (~> 2.5)
    shoulda-matchers (4.5.1)
      activesupport (>= 4.2.0)
    sidekiq (5.2.8)
      connection_pool (~> 2.2, >= 2.2.2)
      rack (< 2.1.0)
      rack-protection (>= 1.5.0)
      redis (>= 3.3.5, < 5)
    signet (0.18.0)
      addressable (~> 2.8)
      faraday (>= 0.17.5, < 3.a)
      jwt (>= 1.5, < 3.0)
      multi_json (~> 1.10)
    simplecov (0.22.0)
      docile (~> 1.1)
      simplecov-html (~> 0.11)
      simplecov_json_formatter (~> 0.1)
    simplecov-html (0.12.3)
    simplecov_json_formatter (0.1.4)
    solidus (1.1.4)
      solidus_api (= 1.1.4)
      solidus_backend (= 1.1.4)
      solidus_core (= 1.1.4)
      solidus_frontend (= 1.1.4)
      solidus_sample (= 1.1.4)
    solidus_api (1.1.4)
      rabl (>= 0.9.4.pre1, < 0.12.0)
      solidus_core (= 1.1.4)
      versioncake (~> 2.3.1)
    solidus_auth_devise (1.6.4)
      deface (~> 1.0)
      devise (~> 4.1)
      devise-encryptable (= 0.2.0)
      solidus_core (>= 1.0.6, < 3)
      solidus_support
    solidus_avatax_certified (1.0.0)
      addressable (~> 2.4)
      json (~> 1.8)
      logging (~> 2.0)
      rest-client (~> 1.7)
      solidus_core (>= 1.0.0, < 2.1.0)
    solidus_backend (1.1.4)
      bourbon
      coffee-rails
      handlebars_assets
      jquery-rails
      jquery-ui-rails (~> 5.0.0)
      sass-rails
      select2-rails (= 3.5.9.1)
      solidus_api (= 1.1.4)
      solidus_core (= 1.1.4)
    solidus_core (1.1.4)
      activemerchant (~> 1.48.0)
      acts_as_list (~> 0.3)
      awesome_nested_set (~> 3.0.1)
      cancancan (~> 1.10)
      carmen (~> 1.0.0)
      deface (~> 1.0.0)
      ffaker (~> 1.16)
      font-awesome-rails (~> 4.0)
      friendly_id (~> 5.0.4)
      highline (~> 1.6.18)
      json (~> 1.7)
      kaminari (~> 0.15, >= 0.15.1)
      monetize (~> 1.1)
      paperclip (~> 4.2.0)
      paranoia (~> 2.1.0)
      premailer-rails
      rails (~> 4.2.0)
      ransack (~> 1.6.0)
      responders
      sprockets-rails (~> 2.0)
      state_machines-activerecord (~> 0.2)
      stringex (~> 1.5.1)
      truncate_html (= 0.9.2)
      twitter_cldr (~> 3.0)
    solidus_frontend (1.1.4)
      canonical-rails (~> 0.0.4)
      coffee-rails
      jquery-rails
      sass-rails
      solidus_api (= 1.1.4)
      solidus_core (= 1.1.4)
    solidus_i18n (1.3.0)
      deface (~> 1.0)
      i18n_data (~> 0.7.0)
      kaminari-i18n (~> 0.5.0)
      rails-i18n (>= 4.0.1, < 6)
      routing-filter (~> 0.6.0)
      solidus_core (>= 1.1, < 3)
      solidus_support
    solidus_multi_domain (1.5.0)
      deface (~> 1.0)
      solidus (>= 1.1, < 2.1)
    solidus_sample (1.1.4)
      solidus_core (= 1.1.4)
    solidus_support (0.4.1)
    sorbet-runtime (0.5.11493)
    spring (2.1.1)
    spring-commands-rspec (1.0.4)
      spring (>= 0.9.1)
    sprockets (3.7.2)
      concurrent-ruby (~> 1.0)
      rack (> 1, < 3)
    sprockets-rails (2.3.3)
      actionpack (>= 3.0)
      activesupport (>= 3.0)
      sprockets (>= 2.8, < 4.0)
    stackprof (0.2.17)
    state_machines (0.5.0)
    state_machines-activemodel (0.7.1)
      activemodel (>= 4.1)
      state_machines (>= 0.5.0)
    state_machines-activerecord (0.6.0)
      activerecord (>= 4.1)
      state_machines-activemodel (>= 0.5.0)
    stringex (1.5.1)
    strong_migrations (0.3.1)
      activerecord (>= 3.2.0)
    super_diff (0.15.0)
      attr_extras (>= 6.2.4)
      diff-lcs
      patience_diff
    syslog_protocol (0.9.2)
    test-prof (1.3.3)
    thor (0.20.3)
    thread_safe (0.3.6)
    tilt (2.0.10)
    timeout (0.4.1)
    trailblazer-option (0.1.2)
    truncate_html (0.9.2)
    twitter_cldr (3.6.0)
      camertron-eprun
      cldr-plurals-runtime-rb (~> 1.0)
      tzinfo
    tzinfo (1.2.11)
      thread_safe (~> 0.1)
    uber (0.1.0)
    uglifier (4.2.0)
      execjs (>= 0.3.0, < 3)
    unf (0.1.4)
      unf_ext
    unf_ext (0.0.8.2)
    unicode-display_width (2.6.0)
    uniform_notifier (1.16.0)
    vcr (6.3.1)
      base64
    versioncake (2.3.1)
      actionpack (>= 3.2)
      activesupport (>= 3.2)
      railties (>= 3.2)
      tzinfo
    warden (1.2.7)
      rack (>= 1.0)
    webdrivers (5.3.1)
      nokogiri (~> 1.6)
      rubyzip (>= 1.3.0)
      selenium-webdriver (~> 4.0, < 4.11)
    webmock (3.24.0)
      addressable (>= 2.8.0)
      crack (>= 0.3.2)
      hashdiff (>= 0.4.0, < 2.0.0)
    webpacker (4.3.0)
      activesupport (>= 4.2)
      rack-proxy (>= 0.6.1)
      railties (>= 4.2)
    webrick (1.8.2)
    websocket (1.2.9)
    with_advisory_lock (4.6.0)
      activerecord (>= 4.2)
    xpath (3.2.0)
      nokogiri (~> 1.8)
    zeitwerk (2.6.11)

PLATFORMS
  ruby

DEPENDENCIES
  actionmailer!
  actionpack!
  actionview!
  active_record_query_trace (= 1.8)
  activejob!
  activemodel!
  activerecord!
  activerecord-import (= 2.0.0)
  activerecord-nulldb-adapter (= 0.4.0)
  activesupport!
  adyen-ruby-api-library (= 9.0.0)
  algoliasearch-rails (= 1.26.0)
  analytics-ruby (= 2.4.0)
  apollo-federation
  asset_sync (= 2.19.1)
  avatax (= 22.10.0)
  aws-sdk (= 2.11.632)
  aws-sdk-v1 (= 1.67.0)
  bootsnap (= 1.18.4)
  brakeman
  bullet (= 8.0.0)
  capybara (= 3.40.0)
  carmen!
  cloud-integration-layer-ruby-client (= 1.9.13)!
  contentful (= 1.2.2)
  coverband (= 6.1.4)
  cpf_cnpj (= 0.5.0)
  crawler_detect (= 1.2.1)
  createsend (= 4.1.2)
  createsend-rails!
  csv (= 3.3.0)
  database_cleaner (= 1.99.0)
  databasedotcom (= 1.3.5)
  db-query-matchers (= 0.14.0)
  deface!
  delayed_cron_job (= 0.9.0)
  delayed_job (= 4.1.9)
  delayed_job_active_record (= 4.1.6)
  dotenv-rails (= 2.8.1)
  dry-struct (= 1.6.0)
  factory_girl (= 4.9.0)
  ffaker (= 1.32.1)
  flamegraph (= 0.9.5)
  flipper (= 0.17.2)
  flipper-active_record (= 0.17.2)
  flipper-active_support_cache_store (= 0.17.2)
  flipper-ui (= 0.17.2)
  fog-aws (= 3.30.0)
  globalize (= 5.3.1)
  google-apis-drive_v3 (= 0.46.0)
  googleauth (= 1.9.1)
  graphiql-rails (= 1.10.0)
  graphql (= 1.13.23)
  graphql-batch (= 0.6.0)
  graphql-preload!
  graphql-result_cache!
  graphql-schema_comparator (= 1.2.0)
  guard-rspec (= 4.7.3)
  has_secure_token (= 1.0.0)
  hiredis (= 0.6.3)
  htmlcompressor (= 0.4.0)
  httparty (= 0.22.0)
  image_optim_pack (= 0.11.1.20241130)
  jbuilder (= 2.9.1)
  json!
  jsonrpc-client (= 0.1.3)
  jwt (= 2.10.1)
  knapsack_pro (= 7.13.1)
  lograge (= 0.14.0)
  makara (~> 0.5.0)
  memory_profiler (= 1.0.2)
  meta_request (= 0.7.2)
  mime-types!
  mysql2 (= 0.5.5)
  net-sftp (= 4.0.0)
  newrelic_rpm (= 9.16.1)
  paper_trail (= 10.3.1)
  paperclip-optimizer (= 2.0.0)
  phraseapp-in-context-editor-ruby (= 1.4.0)
  pry
  pry-byebug (= 3.10.1)
  pry-rails (= 0.3.9)
  psych (< 4)
  puma (= 6.5.0)
  puma-newrelic (= 0.1.6)
  quiet_assets (= 1.1.0)
  rack!
  rack-attack (= 6.7.0)
  rack-mini-profiler (= 3.3.0)
  rack-rewrite (= 1.5.1)
  rails (= 4.2.11.38)!
  railslts-version!
  railties!
  rb-readline (= 0.5.5)
  readthis (= 2.2.0)
  remote_syslog_logger (= 1.0.4)
  request_store (= 1.7.0)
  responders (= 2.4.1)
  rich_text_renderer (= 0.3.0)
  rollbar (= 3.4.2)
  rspec (= 3.13.0)
  rspec-activemodel-mocks (= 1.2.0)
  rspec-its (= 2.0.0)
  rspec-rails (= 4.1.2)
  rspec-retry (= 0.6.2)
  rubocop
  rubocop-graphql
  rubocop-rails
  ruby-prof
  ruby3-backward-compatibility (= 1.4.0)
  sailthru-client (= 4.3.0)
  sanitize (= 6.1.3)
  scss_lint (= 0.60.0)
  sekrets!
  shopify_api (= 14.1.0)
  shoulda-matchers (= 4.5.1)
  sidekiq (~> 5.0)
  sidekiq-ent!
  sidekiq-pro!
  simplecov (= 0.22.0)
  solidus (= 1.1.4)
  solidus_auth_devise (= 1.6.4)
  solidus_avatax_certified (= 1.0.0)
  solidus_globalize!
  solidus_i18n (= 1.3.0)
  solidus_multi_domain (= 1.5.0)
  spring (= 2.1.1)
  spring-commands-rspec (= 1.0.4)
  sprockets (= 3.7.2)
  stackprof (= 0.2.17)
  strong_migrations (= 0.3.1)
  super_diff (= 0.15.0)
  test-prof (= 1.3.3)
  uglifier (= 4.2.0)
  vcr (= 6.3.1)
  webdrivers (= 5.3.1)
  webmock (= 3.24.0)
  webpacker (= 4.3.0)
  with_advisory_lock (= 4.6.0)

RUBY VERSION
   ruby 3.2.6p234

BUNDLED WITH
   2.5.15
